GIT
  remote: https://github.com/refinery/refinerycms-authentication-devise
  revision: 4fbe5428ea2fd2bfe033617d50c47dc2ce14351d
  ref: 4fbe5428ea2fd2bfe033617d50c47dc2ce14351d
  specs:
    refinerycms-authentication-devise (2.0.1)
      actionmailer (>= 5.0.0)
      devise (~> 4.0, >= 4.3.0)
      friendly_id (~> 5.2.1)
      refinerycms-core (>= 3.0.0, < 5.0)

GIT
  remote: https://github.com/refinery/refinerycms.git
  revision: edeba87f56a09e66b3c7244875873bd2cceeae2d
  branch: master
  specs:
    refinerycms (4.1.0)
      refinerycms-core (= 4.1.0)
      refinerycms-images (= 4.1.0)
      refinerycms-pages (= 4.1.0)
      refinerycms-resources (= 4.1.0)
    refinerycms-core (4.1.0)
      actionpack (>= 6.0.0, < 7)
      activerecord (>= 6.0.0, < 7)
      coffee-rails (~> 4.0, >= 4.0.0)
      decorators (~> 2.0, >= 2.0.0)
      font-awesome-sass (>= 4.3.0, < 5.0)
      jquery-rails (~> 4.3, >= 4.3.1)
      jquery-ui-rails (~> 6.0, >= 6.0.0)
      railties (>= 6.0.0, < 7)
      refinerycms-i18n (~> 5.0, >= 5.0.1)
      sass-rails (>= 4.0, < 7)
      truncate_html (~> 0.9)
      will_paginate (~> 3.1, >= 3.1.0)
      zilch-authorisation (~> 0, >= 0.0.1)
    refinerycms-dragonfly (1.0.1)
      dragonfly (~> 1.1)
      refinerycms-core (~> 4.0, >= 4.0.2)
    refinerycms-images (4.1.0)
      refinerycms-core (= 4.1.0)
      refinerycms-dragonfly (~> 1.0)
    refinerycms-pages (4.1.0)
      awesome_nested_set (~> 3.1, >= 3.1.0)
      babosa (~> 1.0)
      diffy (~> 3.1, >= 3.1.0)
      friendly_id (>= 5.1.0, < 5.3)
      friendly_id-mobility (~> 0.5)
      refinerycms-core (= 4.1.0)
      seo_meta (~> 3.0, >= 3.0.0)
      speakingurl-rails (~> 8.0, >= 8.0.0)
    refinerycms-resources (4.1.0)
      refinerycms-core (= 4.1.0)
      refinerycms-dragonfly (~> 1.0)

PATH
  remote: .
  specs:
    refinerycms-photo-gallery (0.4.0)
      carrierwave (~> 1.3.1)
      mime-types
      mini_exiftool
      mini_magick (>= 4.9.4)
      rack (>= 1.6.11)
      refinerycms-core (~> 4.1.0)

GEM
  remote: https://rubygems.org/
  specs:
    actionmailer (6.0.1)
      actionpack (= 6.0.1)
      actionview (= 6.0.1)
      activejob (= 6.0.1)
      mail (~> 2.5, >= 2.5.4)
      rails-dom-testing (~> 2.0)
    actionpack (6.0.1)
      actionview (= 6.0.1)
      activesupport (= 6.0.1)
      rack (~> 2.0)
      rack-test (>= 0.6.3)
      rails-dom-testing (~> 2.0)
      rails-html-sanitizer (~> 1.0, >= 1.2.0)
    actionview (6.0.1)
      activesupport (= 6.0.1)
      builder (~> 3.1)
      erubi (~> 1.4)
      rails-dom-testing (~> 2.0)
      rails-html-sanitizer (~> 1.1, >= 1.2.0)
    activejob (6.0.1)
      activesupport (= 6.0.1)
      globalid (>= 0.3.6)
    activemodel (6.0.1)
      activesupport (= 6.0.1)
    activerecord (6.0.1)
      activemodel (= 6.0.1)
      activesupport (= 6.0.1)
    activesupport (6.0.1)
      concurrent-ruby (~> 1.0, >= 1.0.2)
      i18n (>= 0.7, < 2)
      minitest (~> 5.1)
      tzinfo (~> 1.1)
      zeitwerk (~> 2.2)
    addressable (2.7.0)
      public_suffix (>= 2.0.2, < 5.0)
    awesome_nested_set (3.2.0)
      activerecord (>= 4.0.0, < 7.0)
    babosa (1.0.3)
    bcrypt (3.1.13)
    builder (3.2.3)
    capybara (2.18.0)
      addressable
      mini_mime (>= 0.1.3)
      nokogiri (>= 1.3.3)
      rack (>= 1.0.0)
      rack-test (>= 0.5.4)
      xpath (>= 2.0, < 4.0)
    capybara-screenshot (1.0.14)
      capybara (>= 1.0, < 3)
      launchy
    carrierwave (1.3.1)
      activemodel (>= 4.0.0)
      activesupport (>= 4.0.0)
      mime-types (>= 1.16)
    cliver (0.3.2)
    coderay (1.1.1)
    coffee-rails (4.2.2)
      coffee-script (>= 2.2.0)
      railties (>= 4.0.0)
    coffee-script (2.4.1)
      coffee-script-source
      execjs
    coffee-script-source (1.12.2)
    concurrent-ruby (1.1.5)
    crass (1.0.5)
    decorators (2.0.5)
      railties (>= 4.0.0, < 7)
    devise (4.7.1)
      bcrypt (~> 3.0)
      orm_adapter (~> 0.1)
      railties (>= 4.1.0)
      responders
      warden (~> 1.2.3)
    diffy (3.3.0)
    dragonfly (1.2.0)
      addressable (~> 2.3)
      multi_json (~> 1.0)
      rack (>= 1.3)
    erubi (1.9.0)
    execjs (2.7.0)
    ffi (1.11.1)
    font-awesome-sass (4.7.0)
      sass (>= 3.2)
    friendly_id (5.2.5)
      activerecord (>= 4.0.0)
    friendly_id-mobility (0.5.4)
      friendly_id (>= 5.0.0, <= 5.3.0)
      mobility (>= 0.5.1, < 1.0)
    globalid (0.4.2)
      activesupport (>= 4.2.0)
    i18n (1.7.0)
      concurrent-ruby (~> 1.0)
    jquery-rails (4.3.5)
      rails-dom-testing (>= 1, < 3)
      railties (>= 4.2.0)
      thor (>= 0.14, < 2.0)
    jquery-ui-rails (6.0.1)
      railties (>= 3.2.16)
    launchy (2.4.3)
      addressable (~> 2.3)
    listen (3.2.0)
      rb-fsevent (~> 0.10, >= 0.10.3)
      rb-inotify (~> 0.9, >= 0.9.10)
    loofah (2.3.1)
      crass (~> 1.0.2)
      nokogiri (>= 1.5.9)
    mail (2.7.1)
      mini_mime (>= 0.1.1)
    method_source (0.8.2)
    mime-types (3.3)
      mime-types-data (~> 3.2015)
    mime-types-data (3.2019.1009)
    mini_exiftool (2.9.1)
    mini_magick (4.9.5)
    mini_mime (1.0.2)
    mini_portile2 (2.4.0)
    minitest (5.13.0)
    mobility (0.8.9)
      i18n (>= 0.6.10, < 2)
      request_store (~> 1.0)
    multi_json (1.14.1)
    nokogiri (1.10.5)
      mini_portile2 (~> 2.4.0)
    orm_adapter (0.5.0)
    pg (0.19.0)
    poltergeist (1.12.0)
      capybara (~> 2.1)
      cliver (~> 0.3.1)
      websocket-driver (>= 0.2.0)
    pry (0.10.4)
      coderay (~> 1.1.0)
      method_source (~> 0.8.1)
      slop (~> 3.4)
    public_suffix (4.0.1)
    rack (2.0.7)
    rack-test (1.1.0)
      rack (>= 1.0, < 3)
    rails-dom-testing (2.0.3)
      activesupport (>= 4.2.0)
      nokogiri (>= 1.6)
    rails-html-sanitizer (1.3.0)
      loofah (~> 2.3)
    rails-i18n (6.0.0)
      i18n (>= 0.7, < 2)
      railties (>= 6.0.0, < 7)
    railties (6.0.1)
      actionpack (= 6.0.1)
      activesupport (= 6.0.1)
      method_source
      rake (>= 0.8.7)
      thor (>= 0.20.3, < 2.0)
    rake (13.0.0)
    rb-fsevent (0.10.3)
    rb-inotify (0.10.0)
      ffi (~> 1.0)
    refinerycms-i18n (5.0.1)
      mobility (~> 0.8.8)
      rails-i18n (>= 5.0)
      routing-filter (~> 0.4)
    refinerycms-wymeditor (1.1.0)
      refinerycms-core (>= 3.0.0, < 5.0)
    request_store (1.4.1)
      rack (>= 1.4)
    responders (3.0.0)
      actionpack (>= 5.0)
      railties (>= 5.0)
    routing-filter (0.6.3)
      actionpack (>= 4.2)
      activesupport (>= 4.2)
    sass (3.7.4)
      sass-listen (~> 4.0.0)
    sass-listen (4.0.0)
      rb-fsevent (~> 0.9, >= 0.9.4)
      rb-inotify (~> 0.9, >= 0.9.7)
    sass-rails (6.0.0)
      sassc-rails (~> 2.1, >= 2.1.1)
    sassc (2.2.1)
      ffi (~> 1.9)
    sassc-rails (2.1.2)
      railties (>= 4.0.0)
      sassc (>= 2.0)
      sprockets (> 3.0)
      sprockets-rails
      tilt
    seo_meta (3.0.0)
      railties (>= 5.0.0)
    slop (3.6.0)
    speakingurl-rails (8.0.2)
      railties (>= 3.1)
    sprockets (4.0.0)
      concurrent-ruby (~> 1.0)
      rack (> 1, < 3)
    sprockets-rails (3.2.1)
      actionpack (>= 4.0)
      activesupport (>= 4.0)
      sprockets (>= 3.0.0)
    sqlite3 (1.3.12)
    thor (0.20.3)
    thread_safe (0.3.6)
    tilt (2.0.10)
    truncate_html (0.9.3)
    tzinfo (1.2.5)
      thread_safe (~> 0.1)
    warden (1.2.8)
      rack (>= 2.0.6)
    websocket-driver (0.6.4)
      websocket-extensions (>= 0.1.0)
    websocket-extensions (0.1.2)
    will_paginate (3.2.1)
    xpath (3.2.0)
      nokogiri (~> 1.8)
    zeitwerk (2.2.1)
    zilch-authorisation (0.0.1)

PLATFORMS
  ruby

DEPENDENCIES
  actionmailer (~> 6.0.0)
  activerecord-jdbcpostgresql-adapter
  activerecord-jdbcsqlite3-adapter
  capybara-screenshot
  coffee-rails
  launchy
  listen
  pg
  poltergeist
  pry
  refinerycms (~> 4.1.0)!
  refinerycms-authentication-devise (~> 2.0.1)!
  refinerycms-photo-gallery!
  refinerycms-wymeditor (~> 1.0, >= 1.0.6)
  sass-rails
  sqlite3

BUNDLED WITH
   1.17.3
